GEM
  remote: https://rubygems.org/
  specs:
    awesome_print (1.9.2)
    bigdecimal (3.1.8)
    childprocess (5.1.0)
      logger (~> 1.5)
    coderay (1.1.3)
    diff-lcs (1.5.1)
    easy_diff (1.0.0)
    gosu (1.4.6)
    logger (1.6.1)
    method_source (1.1.0)
    multi_json (1.15.0)
    nokogiri (1.16.7-x64-mingw-ucrt)
      racc (~> 1.4)
    oj (3.16.7)
      bigdecimal (>= 3.0)
      ostruct (>= 0.2)
    ostruct (0.6.1)
    pry (0.14.2)
      coderay (~> 1.1)
      method_source (~> 1.0)
    racc (1.8.1)
    rspec (3.13.0)
      rspec-core (~> 3.13.0)
      rspec-expectations (~> 3.13.0)
      rspec-mocks (~> 3.13.0)
    rspec-core (3.13.2)
      rspec-support (~> 3.13.0)
    rspec-expectations (3.13.3)
      diff-lcs (>= 1.2.0, < 2.0)
      rspec-support (~> 3.13.0)
    rspec-mocks (3.13.2)
      diff-lcs (>= 1.2.0, < 2.0)
      rspec-support (~> 3.13.0)
    rspec-support (3.13.1)
    slop (4.10.1)
    tmx (0.1.5)
      multi_json (~> 1.0)
      nokogiri (~> 1.5)
    warning (1.4.0)

PLATFORMS
  x64-mingw-ucrt

DEPENDENCIES
  awesome_print
  childprocess
  easy_diff
  gosu
  oj
  pry
  rspec
  slop
  tmx
  warning

RUBY VERSION
   ruby 3.3.6p108

BUNDLED WITH
   2.5.23
